PATH
  remote: .
  specs:
    tiny_gltf (1.0.0)

GEM
  remote: https://rubygems.org/
  specs:
    github-markup (3.0.1)
    minitest (5.11.3)
    rake (10.5.0)
    rake-compiler (1.0.5)
      rake
    redcarpet (3.4.0)
    yard (0.9.20)

PLATFORMS
  ruby

DEPENDENCIES
  bundler (~> 2.0.a)
  github-markup
  minitest (~> 5.0)
  rake (~> 10.0)
  rake-compiler
  redcarpet
  tiny_gltf!
  yard (~> 0.9)

BUNDLED WITH
   2.0.2
